GIT
  remote: https://github.com/pivotal-cf-experimental/fakefs.git
  revision: ebde3d6cbe20339895adcb511108a12ee7820c2c
  ref: ebde3d6c
  specs:
    fakefs (0.5.2)

PATH
  remote: bosh-registry
  specs:
    bosh-registry (1.2807.0)
      aws-sdk (= 1.44.0)
      fog (~> 1.23.0)
      sequel (~> 3.43.0)
      sinatra (~> 1.4.2)
      thin (~> 1.6.0)
      yajl-ruby (~> 1.2.0)

PATH
  remote: bosh_cli_plugin_micro
  specs:
    bosh_cli_plugin_micro (1.2807.0)
      agent_client (>= 1.2807.0)
      blobstore_client (>= 1.2807.0)
      bosh-director-core (>= 1.2807.0)
      bosh-registry (>= 1.2807.0)
      bosh-stemcell (>= 1.2807.0)
      bosh_aws_cpi (>= 1.2807.0)
      bosh_cli (>= 1.2807.0)
      bosh_cpi (>= 1.2807.0)
      bosh_openstack_cpi (>= 1.2807.0)
      bosh_vcloud_cpi
      bosh_vsphere_cpi (>= 1.2807.0)
      mono_logger (~> 1.1.0)
      sqlite3 (~> 1.3.7)

PATH
  remote: bosh_vsphere_cpi
  specs:
    bosh_vsphere_cpi (1.2807.0)
      bosh_common (>= 1.2807.0)
      bosh_cpi (>= 1.2807.0)
      builder (~> 3.1.4)
      httpclient (= 2.4.0)
      membrane (~> 1.1.0)
      mysql2 (~> 0.3.11)
      nokogiri (>= 1.5.10, < 2.0)
      pg (~> 0.15.1)
      sequel (~> 3.43.0)

GEM
  remote: https://rubygems.org/
  specs:
    addressable (2.3.6)
    agent_client (1.2809.0)
      httpclient (= 2.4.0)
      yajl-ruby (~> 1.2.0)
    ast (2.0.0)
    astrolabe (1.3.0)
      parser (>= 2.2.0.pre.3, < 3.0)
    aws-sdk (1.44.0)
      json (~> 1.4)
      nokogiri (>= 1.4.4)
    blobstore_client (1.2807.0)
      aws-sdk (= 1.44.0)
      bosh_common (~> 1.2807.0)
      fog (~> 1.23.0)
      httpclient (= 2.4.0)
      multi_json (~> 1.1)
      ruby-atmos-pure (~> 1.0.5)
    bosh-director-core (1.2807.0)
      bosh-template (~> 1.2807.0)
      bosh_common (~> 1.2807.0)
    bosh-stemcell (1.2807.0)
      bosh_aws_cpi (~> 1.2807.0)
    bosh-template (1.2807.0)
      semi_semantic (~> 1.1.0)
    bosh_aws_cpi (1.2807.0)
      aws-sdk (= 1.44.0)
      bosh-registry (~> 1.2807.0)
      bosh_common (~> 1.2807.0)
      bosh_cpi (~> 1.2807.0)
      httpclient (= 2.4.0)
      yajl-ruby (>= 0.8.2)
    bosh_cli (1.2807.0)
      blobstore_client (~> 1.2807.0)
      bosh-template (~> 1.2807.0)
      bosh_common (~> 1.2807.0)
      highline (~> 1.6.2)
      httpclient (= 2.4.0)
      json_pure (~> 1.7)
      minitar (~> 0.5.4)
      net-scp (~> 1.1.0)
      net-ssh (>= 2.2.1)
      net-ssh-gateway (~> 1.2.0)
      netaddr (~> 1.5.0)
      progressbar (~> 0.9.0)
      terminal-table (~> 1.4.3)
    bosh_common (1.2807.0)
      logging (~> 1.8.2)
      semi_semantic (~> 1.1.0)
    bosh_cpi (1.2807.0)
      bosh_common (~> 1.2807.0)
      logging (~> 1.8.2)
      membrane (~> 1.1.0)
    bosh_openstack_cpi (1.2807.0)
      bosh-registry (~> 1.2807.0)
      bosh_common (~> 1.2807.0)
      bosh_cpi (~> 1.2807.0)
      fog (~> 1.23.0)
      httpclient (= 2.4.0)
      membrane (~> 1.1.0)
      yajl-ruby (>= 0.8.2)
    bosh_vcloud_cpi (0.4.9)
      bosh_common
      bosh_cpi (>= 0.4.2)
      ruby_vcloud_sdk
      uuidtools
      yajl-ruby (>= 0.8.2)
    builder (3.1.4)
    codeclimate-test-reporter (0.4.5)
      simplecov (>= 0.7.1, < 1.0.0)
    crack (0.4.2)
      safe_yaml (~> 1.0.0)
    daemons (1.1.9)
    diff-lcs (1.2.5)
    docile (1.1.5)
    eventmachine (1.0.4)
    excon (0.42.1)
    fog (1.23.0)
      fog-brightbox
      fog-core (~> 1.23)
      fog-json
      fog-softlayer
      ipaddress (~> 0.5)
      nokogiri (~> 1.5, >= 1.5.11)
    fog-brightbox (0.7.1)
      fog-core (~> 1.22)
      fog-json
      inflecto (~> 0.0.2)
    fog-core (1.27.2)
      builder
      excon (~> 0.38)
      formatador (~> 0.2)
      mime-types
      net-scp (~> 1.1)
      net-ssh (>= 2.1.3)
    fog-json (1.0.0)
      multi_json (~> 1.0)
    fog-softlayer (0.3.26)
      fog-core
      fog-json
    formatador (0.2.5)
    highline (1.6.21)
    httpclient (2.4.0)
    inflecto (0.0.2)
    ipaddress (0.8.0)
    jenkins_api_client (1.3.0)
      json
      mixlib-shellout (>= 1.1.0)
      nokogiri (~> 1.6.0)
      terminal-table (>= 1.4.0)
      thor (>= 0.16.0)
    json (1.8.1)
    json_pure (1.8.1)
    little-plugger (1.1.3)
    log4r (1.1.10)
    logging (1.8.2)
      little-plugger (>= 1.1.3)
      multi_json (>= 1.8.4)
    machinist (1.0.6)
    membrane (1.1.0)
    mime-types (1.25.1)
    mini_portile (0.6.2)
    minitar (0.5.4)
    mixlib-shellout (2.0.1)
    mono_logger (1.1.0)
    multi_json (1.10.1)
    mysql2 (0.3.17)
    nats (0.4.26)
      daemons (>= 1.1.5)
      eventmachine (>= 0.12.10)
      json_pure (>= 1.7.3)
      thin (>= 1.4.1)
    net-scp (1.1.2)
      net-ssh (>= 2.6.5)
    net-ssh (2.9.1)
    net-ssh-gateway (1.2.0)
      net-ssh (>= 2.6.5)
    netaddr (1.5.0)
    nokogiri (1.6.5)
      mini_portile (~> 0.6.0)
    parallel (1.3.3)
    parallel_tests (1.0.7)
      parallel
    parser (2.2.0.1)
      ast (>= 1.1, < 3.0)
      slop (~> 3.4, >= 3.4.5)
    pg (0.15.1)
    powerpack (0.0.9)
    progressbar (0.9.2)
    rack (1.6.0)
    rack-protection (1.5.3)
      rack
    rack-test (0.6.2)
      rack (>= 1.0)
    rainbow (2.0.0)
    rake (10.4.2)
    rdoc (4.2.0)
      json (~> 1.4)
    redis (3.2.0)
    rest-client (1.6.8)
      mime-types (~> 1.16)
      rdoc (>= 2.4.2)
    rspec (3.1.0)
      rspec-core (~> 3.1.0)
      rspec-expectations (~> 3.1.0)
      rspec-mocks (~> 3.1.0)
    rspec-core (3.1.7)
      rspec-support (~> 3.1.0)
    rspec-expectations (3.1.2)
      diff-lcs (>= 1.2.0, < 2.0)
      rspec-support (~> 3.1.0)
    rspec-its (1.1.0)
      rspec-core (>= 3.0.0)
      rspec-expectations (>= 3.0.0)
    rspec-mocks (3.1.3)
      rspec-support (~> 3.1.0)
    rspec-support (3.1.2)
    rubocop (0.28.0)
      astrolabe (~> 1.3)
      parser (>= 2.2.0.pre.7, < 3.0)
      powerpack (~> 0.0.6)
      rainbow (>= 1.99.1, < 3.0)
      ruby-progressbar (~> 1.4)
    ruby-atmos-pure (1.0.5)
      log4r (>= 1.1.9)
      ruby-hmac (>= 0.4.0)
    ruby-hmac (0.4.0)
    ruby-progressbar (1.7.1)
    ruby_vcloud_sdk (0.7.1)
      builder (~> 3.1.4)
      httpclient (~> 2.4.0)
      netaddr
      nokogiri (>= 1.5.6)
      rest-client (~> 1.6.7)
    rugged (0.21.3)
    safe_yaml (1.0.4)
    semi_semantic (1.1.0)
    sequel (3.43.0)
    simplecov (0.9.1)
      docile (~> 1.1.0)
      multi_json (~> 1.0)
      simplecov-html (~> 0.8.0)
    simplecov-html (0.8.0)
    sinatra (1.4.5)
      rack (~> 1.4)
      rack-protection (~> 1.4)
      tilt (~> 1.3, >= 1.3.4)
    slop (3.6.0)
    specinfra (2.11.3)
      net-scp
      net-ssh
    sqlite3 (1.3.10)
    terminal-table (1.4.5)
    thin (1.6.3)
      daemons (~> 1.0, >= 1.0.9)
      eventmachine (~> 1.0)
      rack (~> 1.0)
    thor (0.19.1)
    tilt (1.4.1)
    timecop (0.7.1)
    uuidtools (2.1.5)
    vcr (2.9.3)
    webmock (1.20.4)
      addressable (>= 2.3.6)
      crack (>= 0.3.2)
    yajl-ruby (1.2.1)

PLATFORMS
  ruby

DEPENDENCIES
  bosh-registry!
  bosh_cli_plugin_micro!
  bosh_vsphere_cpi!
  codeclimate-test-reporter
  fakefs!
  httpclient
  jenkins_api_client
  json
  machinist (~> 1.0)
  minitar
  mysql2
  nats
  net-ssh
  parallel_tests
  pg
  rack-test
  rake (~> 10.0)
  redis
  rest-client
  rspec (~> 3.0)
  rspec-its
  rubocop
  rugged
  simplecov (~> 0.9.0)
  specinfra
  sqlite3
  timecop
  vcr
  webmock
